GEM
  remote: http://rubygems.org/
  specs:
    builder (3.1.4)
    cli (1.3.1)
    git (1.2.5)
    jeweler (1.8.4)
      bundler (~> 1.0)
      git (>= 1.2.5)
      rake
      rdoc
    json (1.7.5)
    rake (10.0.2)
    rdoc (3.12)
      json (~> 1.4)
    sdl4r (0.9.11)

PLATFORMS
  ruby

DEPENDENCIES
  builder (~> 3.1)
  bundler (~> 1.1)
  cli (~> 1.1)
  jeweler (~> 1.8.3)
  sdl4r (~> 0.9.11)
